PATH
  remote: .
  specs:
    docx_tools (0.0.1)
      nokogiri (~> 1.6, >= 1.6.6)
      rubyzip (~> 1.1, >= 1.1.7)

GEM
  remote: https://rubygems.org/
  specs:
    docile (1.1.5)
    json (1.8.3)
    mini_portile (0.6.2)
    minitest (5.8.1)
    nokogiri (1.6.6.2)
      mini_portile (~> 0.6.0)
    rubyzip (1.1.7)
    simplecov (0.10.0)
      docile (~> 1.1.0)
      json (~> 1.8)
      simplecov-html (~> 0.10.0)
    simplecov-html (0.10.0)
    yard (0.8.7.6)

PLATFORMS
  ruby

DEPENDENCIES
  docx_tools!
  minitest (~> 5.8)
  simplecov (~> 0.10)
  yard (~> 0.8)

BUNDLED WITH
   1.10.6
