PATH
  remote: .
  specs:
    docx_tools (0.0.1)
      nokogiri (~> 1.6.6)
      rubyzip (~> 1.1.7)

GEM
  remote: https://rubygems.org/
  specs:
    mini_portile (0.6.2)
    minitest (5.8.1)
    nokogiri (1.6.6.2)
      mini_portile (~> 0.6.0)
    rubyzip (1.1.7)

PLATFORMS
  ruby

DEPENDENCIES
  docx_tools!
  minitest

BUNDLED WITH
   1.10.6
